GEM
  remote: https://rubygems.org/
  specs:
    ProMotion (1.0.3)

PLATFORMS
  ruby

DEPENDENCIES
  ProMotion
